GEM
  remote: https://rubygems.org/
  specs:
    actioncable (5.1.6)
      actionpack (= 5.1.6)
      nio4r (~> 2.0)
      websocket-driver (~> 0.6.1)
    actionmailer (5.1.6)
      actionpack (= 5.1.6)
      actionview (= 5.1.6)
      activejob (= 5.1.6)
      mail (~> 2.5, >= 2.5.4)
      rails-dom-testing (~> 2.0)
    actionmailer-text (0.1.1)
      actionmailer
      htmlentities
    actionpack (5.1.6)
      actionview (= 5.1.6)
      activesupport (= 5.1.6)
      rack (~> 2.0)
      rack-test (>= 0.6.3)
      rails-dom-testing (~> 2.0)
      rails-html-sanitizer (~> 1.0, >= 1.0.2)
    actionview (5.1.6)
      activesupport (= 5.1.6)
      builder (~> 3.1)
      erubi (~> 1.4)
      rails-dom-testing (~> 2.0)
      rails-html-sanitizer (~> 1.0, >= 1.0.3)
    activejob (5.1.6)
      activesupport (= 5.1.6)
      globalid (>= 0.3.6)
    activemodel (5.1.6)
      activesupport (= 5.1.6)
    activerecord (5.1.6)
      activemodel (= 5.1.6)
      activesupport (= 5.1.6)
      arel (~> 8.0)
    activesupport (5.1.6)
      concurrent-ruby (~> 1.0, >= 1.0.2)
      i18n (>= 0.7, < 2)
      minitest (~> 5.1)
      tzinfo (~> 1.1)
    addressable (2.5.2)
      public_suffix (>= 2.0.2, < 4.0)
    arel (8.0.0)
    bindex (0.5.0)
    builder (3.2.3)
    byebug (10.0.2)
    capybara (2.18.0)
      addressable
      mini_mime (>= 0.1.3)
      nokogiri (>= 1.3.3)
      rack (>= 1.0.0)
      rack-test (>= 0.5.4)
      xpath (>= 2.0, < 4.0)
    childprocess (0.9.0)
      ffi (~> 1.0, >= 1.0.11)
    concurrent-ruby (1.0.5)
    crass (1.0.4)
    daemons (1.2.6)
    delayed_job (4.1.5)
      activesupport (>= 3.0, < 5.3)
    delayed_job_active_record (4.1.3)
      activerecord (>= 3.0, < 5.3)
      delayed_job (>= 3.0, < 5)
    diff-lcs (1.3)
    domain_name (0.5.20180417)
      unf (>= 0.0.5, < 1.0.0)
    dotenv (2.5.0)
    dotenv-rails (2.5.0)
      dotenv (= 2.5.0)
      railties (>= 3.2, < 6.0)
    erubi (1.7.1)
    eventmachine (1.2.7)
    execjs (2.7.0)
    factory_bot (4.11.1)
      activesupport (>= 3.0.0)
    factory_bot_rails (4.11.1)
      factory_bot (~> 4.11.1)
      railties (>= 3.0.0)
    faker (1.9.1)
      i18n (>= 0.7)
    ffi (1.9.25)
    globalid (0.4.1)
      activesupport (>= 4.2.0)
    haml (5.0.4)
      temple (>= 0.8.0)
      tilt
    htmlentities (4.3.4)
    http-cookie (1.0.3)
      domain_name (~> 0.5)
    i18n (1.1.0)
      concurrent-ruby (~> 1.0)
    json (2.1.0)
    listen (3.1.5)
      rb-fsevent (~> 0.9, >= 0.9.4)
      rb-inotify (~> 0.9, >= 0.9.7)
      ruby_dep (~> 1.2)
    loofah (2.2.2)
      crass (~> 1.0.2)
      nokogiri (>= 1.5.9)
    mail (2.7.0)
      mini_mime (>= 0.1.1)
    mailcatcher (0.2.4)
      eventmachine
      haml
      i18n
      json
      mail
      sinatra
      skinny (>= 0.1.2)
      sqlite3-ruby
      thin
    method_source (0.9.0)
    mime-types (3.2.2)
      mime-types-data (~> 3.2015)
    mime-types-data (3.2018.0812)
    mini_mime (1.0.1)
    mini_portile2 (2.3.0)
    minitest (5.11.3)
    mustermann (1.0.3)
    netrc (0.11.0)
    nio4r (2.3.1)
    nokogiri (1.8.4)
      mini_portile2 (~> 2.3.0)
    pg (0.21.0)
    public_suffix (3.0.3)
    puma (3.12.0)
    rack (2.0.5)
    rack-protection (2.0.4)
      rack
    rack-test (1.1.0)
      rack (>= 1.0, < 3)
    rails (5.1.6)
      actioncable (= 5.1.6)
      actionmailer (= 5.1.6)
      actionpack (= 5.1.6)
      actionview (= 5.1.6)
      activejob (= 5.1.6)
      activemodel (= 5.1.6)
      activerecord (= 5.1.6)
      activesupport (= 5.1.6)
      bundler (>= 1.3.0)
      railties (= 5.1.6)
      sprockets-rails (>= 2.0.0)
    rails-dom-testing (2.0.3)
      activesupport (>= 4.2.0)
      nokogiri (>= 1.6)
    rails-html-sanitizer (1.0.4)
      loofah (~> 2.2, >= 2.2.2)
    railties (5.1.6)
      actionpack (= 5.1.6)
      activesupport (= 5.1.6)
      method_source
      rake (>= 0.8.7)
      thor (>= 0.18.1, < 2.0)
    rake (12.3.1)
    rb-fsevent (0.10.3)
    rb-inotify (0.9.10)
      ffi (>= 0.5.0, < 2)
    rest-client (2.0.2)
      http-cookie (>= 1.0.2, < 2.0)
      mime-types (>= 1.16, < 4.0)
      netrc (~> 0.8)
    roo (2.7.1)
      nokogiri (~> 1)
      rubyzip (~> 1.1, < 2.0.0)
    rspec-core (3.8.0)
      rspec-support (~> 3.8.0)
    rspec-expectations (3.8.1)
      diff-lcs (>= 1.2.0, < 2.0)
      rspec-support (~> 3.8.0)
    rspec-mocks (3.8.0)
      diff-lcs (>= 1.2.0, < 2.0)
      rspec-support (~> 3.8.0)
    rspec-rails (3.8.0)
      actionpack (>= 3.0)
      activesupport (>= 3.0)
      railties (>= 3.0)
      rspec-core (~> 3.8.0)
      rspec-expectations (~> 3.8.0)
      rspec-mocks (~> 3.8.0)
      rspec-support (~> 3.8.0)
    rspec-support (3.8.0)
    ruby_dep (1.5.0)
    rubyzip (1.2.2)
    selenium-webdriver (3.14.0)
      childprocess (~> 0.5)
      rubyzip (~> 1.2)
    sinatra (2.0.4)
      mustermann (~> 1.0)
      rack (~> 2.0)
      rack-protection (= 2.0.4)
      tilt (~> 2.0)
    skinny (0.2.2)
      eventmachine (~> 1.0)
      thin
    spring (2.0.2)
      activesupport (>= 4.2)
    spring-watcher-listen (2.0.1)
      listen (>= 2.7, < 4.0)
      spring (>= 1.2, < 3.0)
    sprockets (3.7.2)
      concurrent-ruby (~> 1.0)
      rack (> 1, < 3)
    sprockets-rails (3.2.1)
      actionpack (>= 4.0)
      activesupport (>= 4.0)
      sprockets (>= 3.0.0)
    sqlite3 (1.3.13)
    sqlite3-ruby (1.3.3)
      sqlite3 (>= 1.3.3)
    temple (0.8.0)
    thin (1.7.2)
      daemons (~> 1.0, >= 1.0.9)
      eventmachine (~> 1.0, >= 1.0.4)
      rack (>= 1, < 3)
    thor (0.20.0)
    thread_safe (0.3.6)
    tilt (2.0.8)
    turbolinks (5.2.0)
      turbolinks-source (~> 5.2)
    turbolinks-source (5.2.0)
    tzinfo (1.2.5)
      thread_safe (~> 0.1)
    uglifier (4.1.19)
      execjs (>= 0.3.0, < 3)
    unf (0.1.4)
      unf_ext
    unf_ext (0.0.7.5)
    web-console (3.7.0)
      actionview (>= 5.0)
      activemodel (>= 5.0)
      bindex (>= 0.4.0)
      railties (>= 5.0)
    websocket-driver (0.6.5)
      websocket-extensions (>= 0.1.0)
    websocket-extensions (0.1.3)
    xpath (3.1.0)
      nokogiri (~> 1.8)

PLATFORMS
  ruby

DEPENDENCIES
  actionmailer-text
  byebug
  capybara (~> 2.13)
  daemons
  delayed_job_active_record
  dotenv-rails
  factory_bot_rails
  faker
  listen (>= 3.0.5, < 3.2)
  mailcatcher
  pg (~> 0.18)
  puma (~> 3.7)
  rails (~> 5.1.4)
  rest-client (~> 2.0, >= 2.0.2)
  roo
  rspec-rails (~> 3.7)
  selenium-webdriver
  spring
  spring-watcher-listen (~> 2.0.0)
  turbolinks (~> 5)
  tzinfo-data
  uglifier (>= 1.3.0)
  web-console (>= 3.3.0)

BUNDLED WITH
   1.16.1
